GEM
  remote: http://rubygems.org/
  specs:
    kiba (2.0.0)
    ruby_postal (1.0.0)

PLATFORMS
  ruby

DEPENDENCIES
  kiba
  ruby_postal

BUNDLED WITH
   1.16.6
